GEM
  remote: http://rubygems.org/
  specs:
    diff-lcs (1.1.2)
    fattr (2.2.0)
    rspec (1.3.0)
    session (3.1.0)
      fattr

PLATFORMS
  ruby

DEPENDENCIES
  diff-lcs (= 1.1.2)
  rspec (= 1.3.0)
  session (= 3.1.0)
